GEM
  remote: https://rubygems.org/
  specs:
    yard (0.9.25)

PLATFORMS
  ruby

DEPENDENCIES
  yard (~> 0.9.25)

BUNDLED WITH
   2.1.4
